GEM
  remote: https://rubygems.org/
  specs:
    addressable (2.8.0)
     
