GEM
  remote: https://rubygems.org/
  specs:
    addressable (2.7.0)
